GEM
  remote: https://rubygems.org/
  specs:
    activemodel (8.0.2)
      activesupport (= 8.0.2)
    activerecord (8.0.2)
      activemodel (= 8.0.2)
      activesupport (= 8.0.2)
      timeout (>= 0.4.0)
    activesupport (8.0.2)
      base64
      benchmark (>= 0.3)
      bigdecimal
      concurrent-ruby (~> 1.0, >= 1.3.1)
      connection_pool (>= 2.2.5)
      drb
      i18n (>= 1.6, < 2)
      logger (>= 1.4.2)
      minitest (>= 5.1)
      securerandom (>= 0.3)
      tzinfo (~> 2.0, >= 2.0.5)
      uri (>= 0.13.1)
    base64 (0.3.0)
    benchmark (0.4.1)
    bigdecimal (3.2.2)
    concurrent-ruby (1.3.5)
    connection_pool (2.5.3)
    csv (3.3.5)
    dotenv (3.1.8)
    drb (2.2.3)
    httparty (0.23.1)
      csv
      mini_mime (>= 1.0.0)
      multi_xml (>= 0.5.2)
    i18n (1.14.7)
      concurrent-ruby (~> 1.0)
    logger (1.7.0)
    mini_mime (1.1.5)
    minitest (5.25.5)
    multi_json (1.17.0)
    multi_xml (0.7.2)
      bigdecimal (~> 3.1)
    mustermann (3.0.4)
      ruby2_keywords (~> 0.0.1)
    nio4r (2.7.4)
    pg (1.6.1-x64-mingw-ucrt)
    puma (6.6.1)
      nio4r (~> 2.0)
    rack (3.2.0)
    rack-protection (4.1.1)
      base64 (>= 0.1.0)
      logger (>= 1.6.0)
      rack (>= 3.0.0, < 4)
    rack-session (2.1.1)
      base64 (>= 0.1.0)
      rack (>= 3.0.0)
    rackup (2.2.1)
      rack (>= 3)
    rake (13.3.0)
    ruby2_keywords (0.0.5)
    securerandom (0.4.1)
    sinatra (4.1.1)
      logger (>= 1.6.0)
      mustermann (~> 3.0)
      rack (>= 3.0.0, < 4)
      rack-protection (= 4.1.1)
      rack-session (>= 2.0.0, < 3)
      tilt (~> 2.0)
    sinatra-activerecord (2.0.28)
      activerecord (>= 4.1)
      sinatra (>= 1.0)
    sinatra-contrib (4.1.1)
      multi_json (>= 0.0.2)
      mustermann (~> 3.0)
      rack-protection (= 4.1.1)
      sinatra (= 4.1.1)
      tilt (~> 2.0)
    sqlite3 (2.7.3-x64-mingw-ucrt)
    tilt (2.6.1)
    timeout (0.4.3)
    tzinfo (2.0.6)
      concurrent-ruby (~> 1.0)
    uri (1.0.3)

PLATFORMS
  x64-mingw-ucrt

DEPENDENCIES
  activerecord
  dotenv
  httparty
  pg
  puma
  rackup
  rake
  sinatra
  sinatra-activerecord
  sinatra-contrib
  sqlite3

BUNDLED WITH
   2.6.9
